GIT
  remote: https://github.com/F3pix/acts-as-taggable-on
  revision: 7570774835cb9e391d0efb0c0dcbb971a55132c1
  specs:
    acts-as-taggable-on (3.5.0)
      activerecord (>= 4.0)

GEM
  remote: https://rubygems.org/
  specs:
    actioncable (5.0.3)
      actionpack (= 5.0.3)
      nio4r (>= 1.2, < 3.0)
      websocket-driver (~> 0.6.1)
    actionmailer (5.0.3)
      actionpack (= 5.0.3)
      actionview (= 5.0.3)
      activejob (= 5.0.3)
      mail (~> 2.5, >= 2.5.4)
      rails-dom-testing (~> 2.0)
    actionpack (5.0.3)
      actionview (= 5.0.3)
      activesupport (= 5.0.3)
      rack (~> 2.0)
      rack-test (~> 0.6.3)
      rails-dom-testing (~> 2.0)
      rails-html-sanitizer (~> 1.0, >= 1.0.2)
    actionview (5.0.3)
      activesupport (= 5.0.3)
      builder (~> 3.1)
      erubis (~> 2.7.0)
      rails-dom-testing (~> 2.0)
      rails-html-sanitizer (~> 1.0, >= 1.0.3)
    activejob (5.0.3)
      activesupport (= 5.0.3)
      globalid (>= 0.3.6)
    activemodel (5.0.3)
      activesupport (= 5.0.3)
    activerecord (5.0.3)
      activemodel (= 5.0.3)
      activesupport (= 5.0.3)
      arel (~> 7.0)
    activesupport (5.0.3)
      concurrent-ruby (~> 1.0, >= 1.0.2)
      i18n (~> 0.7)
      minitest (~> 5.1)
      tzinfo (~> 1.1)
    addressable (2.5.1)
      public_suffix (~> 2.0, >= 2.0.2)
    arel (7.1.4)
    axiom-types (0.1.1)
      descendants_tracker (~> 0.0.4)
      ice_nine (~> 0.11.0)
      thread_safe (~> 0.3, >= 0.3.1)
    bcrypt (3.1.11)
    bindex (0.5.0)
    bonsai-elasticsearch-rails (0.0.4)
    builder (3.2.3)
    byebug (9.0.6)
    capybara (2.14.0)
      addressable
      mime-types (>= 1.16)
      nokogiri (>= 1.3.3)
      rack (>= 1.0.0)
      rack-test (>= 0.5.4)
      xpath (~> 2.0)
    carrierwave (1.1.0)
      activemodel (>= 4.0.0)
      activesupport (>= 4.0.0)
      mime-types (>= 1.16)
    cliver (0.3.2)
    coercible (1.0.0)
      descendants_tracker (~> 0.0.1)
    concurrent-ruby (1.0.5)
    database_cleaner (1.6.1)
    descendants_tracker (0.0.4)
      thread_safe (~> 0.3, >= 0.3.1)
    diff-lcs (1.3)
    domain_name (0.5.20170404)
      unf (>= 0.0.5, < 1.0.0)
    elasticsearch (5.0.4)
      elasticsearch-api (= 5.0.4)
      elasticsearch-transport (= 5.0.4)
    elasticsearch-api (5.0.4)
      multi_json
    elasticsearch-model (5.0.1)
      activesupport (> 3)
      elasticsearch (~> 5)
      hashie
    elasticsearch-persistence (5.0.1)
      activemodel (> 4)
      activesupport (> 4)
      elasticsearch (~> 5)
      elasticsearch-model (~> 5)
      hashie
      virtus
    elasticsearch-rails (5.0.1)
    elasticsearch-transport (5.0.4)
      faraday
      multi_json
    equalizer (0.0.11)
    erubis (2.7.0)
    execjs (2.7.0)
    faker (1.7.3)
      i18n (~> 0.5)
    faraday (0.12.1)
      multipart-post (>= 1.2, < 3)
    faraday-cookie_jar (0.0.6)
      faraday (>= 0.7.4)
      http-cookie (~> 1.0.0)
    faraday-encoding (0.0.4)
      faraday
    faraday-http-cache (2.0.0)
      faraday (~> 0.8)
    faraday_middleware (0.11.0.1)
      faraday (>= 0.7.4, < 1.0)
    fastimage (2.1.0)
    ffi (1.9.18)
    font-awesome-rails (4.7.0.2)
      railties (>= 3.2, < 5.2)
    font-awesome-sass (4.7.0)
      sass (>= 3.2)
    globalid (0.4.0)
      activesupport (>= 4.2.0)
    hashie (3.5.5)
    http-cookie (1.0.3)
      domain_name (~> 0.5)
    i18n (0.8.1)
    ice_nine (0.11.2)
    jbuilder (2.6.4)
      activesupport (>= 3.0.0)
      multi_json (>= 1.2)
    jquery-rails (4.3.1)
      rails-dom-testing (>= 1, < 3)
      railties (>= 4.2.0)
      thor (>= 0.14, < 2.0)
    json (1.8.6)
    listen (3.0.8)
      rb-fsevent (~> 0.9, >= 0.9.4)
      rb-inotify (~> 0.9, >= 0.9.7)
    loofah (2.0.3)
      nokogiri (>= 1.5.9)
    mail (2.6.5)
      mime-types (>= 1.16, < 4)
    metainspector (5.4.1)
      addressable (~> 2.5)
      faraday (~> 0.11)
      faraday-cookie_jar (~> 0.0)
      faraday-encoding (~> 0.0)
      faraday-http-cache (~> 2.0)
      faraday_middleware (~> 0.11)
      fastimage (~> 2.1)
      nesty (~> 1.0)
      nokogiri (~> 1.7)
    method_source (0.8.2)
    mime-types (3.1)
      mime-types-data (~> 3.2015)
    mime-types-data (3.2016.0521)
    mini_magick (4.7.0)
    mini_portile2 (2.1.0)
    minitest (5.10.2)
    multi_json (1.12.1)
    multipart-post (2.0.0)
    nesty (1.0.2)
    nio4r (2.0.0)
    nokogiri (1.7.2)
      mini_portile2 (~> 2.1.0)
    pg (0.20.0)
    poltergeist (1.15.0)
      capybara (~> 2.1)
      cliver (~> 0.3.1)
      websocket-driver (>= 0.2.0)
    public_suffix (2.0.5)
    puma (3.8.2)
    rack (2.0.3)
    rack-test (0.6.3)
      rack (>= 1.0)
    rails (5.0.3)
      actioncable (= 5.0.3)
      actionmailer (= 5.0.3)
      actionpack (= 5.0.3)
      actionview (= 5.0.3)
      activejob (= 5.0.3)
      activemodel (= 5.0.3)
      activerecord (= 5.0.3)
      activesupport (= 5.0.3)
      bundler (>= 1.3.0, < 2.0)
      railties (= 5.0.3)
      sprockets-rails (>= 2.0.0)
    rails-dom-testing (2.0.3)
      activesupport (>= 4.2.0)
      nokogiri (>= 1.6)
    rails-html-sanitizer (1.0.3)
      loofah (~> 2.0)
    railties (5.0.3)
      actionpack (= 5.0.3)
      activesupport (= 5.0.3)
      method_source
      rake (>= 0.8.7)
      thor (>= 0.18.1, < 2.0)
    rake (12.0.0)
    rb-fsevent (0.9.8)
    rb-inotify (0.9.8)
      ffi (>= 0.5.0)
    rdoc (4.3.0)
    rspec-core (3.6.0)
      rspec-support (~> 3.6.0)
    rspec-expectations (3.6.0)
      diff-lcs (>= 1.2.0, < 2.0)
      rspec-support (~> 3.6.0)
    rspec-mocks (3.6.0)
      diff-lcs (>= 1.2.0, < 2.0)
      rspec-support (~> 3.6.0)
    rspec-rails (3.6.0)
      actionpack (>= 3.0)
      activesupport (>= 3.0)
      railties (>= 3.0)
      rspec-core (~> 3.6.0)
      rspec-expectations (~> 3.6.0)
      rspec-mocks (~> 3.6.0)
      rspec-support (~> 3.6.0)
    rspec-support (3.6.0)
    sass (3.4.24)
    sass-rails (5.0.6)
      railties (>= 4.0.0, < 6)
      sass (~> 3.1)
      sprockets (>= 2.8, < 4.0)
      sprockets-rails (>= 2.0, < 4.0)
      tilt (>= 1.1, < 3)
    sdoc (0.4.2)
      json (~> 1.7, >= 1.7.7)
      rdoc (~> 4.0)
    spring (2.0.2)
      activesupport (>= 4.2)
    spring-watcher-listen (2.0.1)
      listen (>= 2.7, < 4.0)
      spring (>= 1.2, < 3.0)
    sprockets (3.7.1)
      concurrent-ruby (~> 1.0)
      rack (> 1, < 3)
    sprockets-rails (3.2.0)
      actionpack (>= 4.0)
      activesupport (>= 4.0)
      sprockets (>= 3.0.0)
    thor (0.19.4)
    thread_safe (0.3.6)
    tilt (2.0.7)
    tzinfo (1.2.10)
      thread_safe (~> 0.1)
    uglifier (3.2.0)
      execjs (>= 0.3.0, < 3)
    unf (0.1.4)
      unf_ext
    unf_ext (0.0.7.4)
    virtus (1.0.5)
      axiom-types (~> 0.1)
      coercible (~> 1.0)
      descendants_tracker (~> 0.0, >= 0.0.3)
      equalizer (~> 0.0, >= 0.0.9)
    web-console (3.5.1)
      actionview (>= 5.0)
      activemodel (>= 5.0)
      bindex (>= 0.4.0)
      railties (>= 5.0)
    websocket-driver (0.6.5)
      websocket-extensions (>= 0.1.0)
    websocket-extensions (0.1.2)
    will_paginate (3.1.5)
    xpath (2.1.0)
      nokogiri (~> 1.3)

PLATFORMS
  ruby

DEPENDENCIES
  acts-as-taggable-on!
  bcrypt (~> 3.1.7)
  bonsai-elasticsearch-rails
  byebug
  capybara
  carrierwave
  database_cleaner
  elasticsearch-model
  elasticsearch-persistence
  elasticsearch-rails
  faker
  font-awesome-rails
  font-awesome-sass
  jbuilder (~> 2.5)
  jquery-rails
  listen (~> 3.0.5)
  metainspector
  mini_magick
  pg
  poltergeist
  puma (~> 3.0)
  rails (~> 5.0.3)
  rspec-rails (~> 3.5)
  sass-rails (~> 5.0)
  sdoc (~> 0.4.0)
  spring
  spring-watcher-listen (~> 2.0.0)
  tzinfo-data
  uglifier (>= 1.3.0)
  web-console (>= 3.3.0)
  will_paginate (~> 3.1.0)

RUBY VERSION
   ruby 2.4.1p111

BUNDLED WITH
   1.15.0
